GEM
  remote: https://rubygems.org/
  specs:
    coderay (1.1.3)
    method_source (1.0.0)
    minitest (5.16.1)
    pry (0.14.1)
      coderay (~> 1.1)
      method_source (~> 1.0)
    webrick (1.7.0)
    yard (0.9.28)
      webrick (~> 1.7.0)

PLATFORMS
  arm64-darwin-21

DEPENDENCIES
  minitest
  pry
  yard

BUNDLED WITH
   2.3.14
